GEM
  remote: https://rubygems.org/
  specs:
    bindata (1.6.0)
    chunky_png (1.2.9)
    haml (4.0.4)
      tilt
    hashie (2.0.5)
    oily_png (1.1.0)
      chunky_png (~> 1.2.7)
    psd (1.4.3)
      bindata
      oily_png
      psd-enginedata (~> 1.0)
      rake
    psd-enginedata (1.0.0)
      hashie (~> 2.0)
    rack (1.5.2)
    rack-protection (1.5.1)
      rack
    rake (10.1.0)
    sinatra (1.4.4)
      rack (~> 1.4)
      rack-protection (~> 1.4)
      tilt (~> 1.3, >= 1.3.4)
    tilt (1.4.1)

PLATFORMS
  ruby

DEPENDENCIES
  haml (= 4.0.4)
  psd (= 1.4.3)
  sinatra (= 1.4.4)
